GIT
  remote: https://github.com/doorkeeper-gem/doorkeeper
  revision: ce969eee6c16aa8082b0c77ebb5968d9e9b6a57b
  ref: ce969eee6c16aa8082b0c77ebb5968d9e9b6a57b
  specs:
    doorkeeper (5.0.2)
      railties (>= 4.2)

GIT
  remote: https://github.com/finnlabs/omniauth-openid-connect.git
  revision: 9e7fd0e7bd36d40451c6b3c2ea641e8d237c295d
  ref: 9e7fd0e7bd36d40451c6b3c2ea641e8d237c295d
  specs:
    omniauth-openid-connect (0.3.0)
      addressable (~> 2.5)
      omniauth (~> 1.6)
      openid_connect (~> 1.1.6)

GIT
  remote: https://github.com/finnlabs/omniauth-openid_connect-providers.git
  revision: 1d65afd2cbb0ff9cd294a764a4387e0fb36c92f4
  ref: 1d65afd2cbb0ff9cd294a764a4387e0fb36c92f4
  specs:
    omniauth-openid_connect-providers (0.1.1)
      omniauth-openid-connect (>= 0.2.1)

GIT
  remote: https://github.com/finnlabs/rspec-example_disabler.git
  revision: deb9c38e3f4e3688724583ac1ff58e1ae8aba409
  specs:
    rspec-example_disabler (0.0.1)

GIT
  remote: https://github.com/goodwill/capybara-select2
  revision: 585192e4bb0db8d52e761ab68f08c17294806447
  ref: 585192e
  specs:
    capybara-select2 (1.0.1)
      capybara
      rspec

GIT
  remote: https://github.com/norman/friendly_id
  revision: 67422c04e1bfed4207b2a04826bc67ec0e231ce7
  ref: 67422c04e1bfed4207b2a04826bc67ec0e231ce7
  specs:
    friendly_id (5.2.5)
      activerecord (>= 4.0.0)

GIT
  remote: https://github.com/opf/omniauth
  revision: fe862f986b2e846e291784d2caa3d90a658c67f0
  ref: fe862f986b2e846e291784d2caa3d90a658c67f0
  specs:
    omniauth (1.9.0)
      hashie (>= 3.4.6, < 3.7.0)
      rack (>= 1.6.2, < 3)

GIT
  remote: https://github.com/opf/openproject-translations.git
  revision: 35c677f634a56249921ddc79fca47b2e3c349d05
  branch: dev
  specs:
    openproject-translations (7.4.0)
      crowdin-api (~> 0.5.0)
      mixlib-shellout (~> 2.1.0)
      rubyzip

GIT
  remote: https://github.com/rspec/rspec-activemodel-mocks
  revision: 6136a778f8b21f4f45f6b4ad5c2e2533e6d4ddc6
  specs:
    rspec-activemodel-mocks (1.1.0)
      activemodel (>= 3.0)
      activesupport (>= 3.0)
      rspec-mocks (>= 2.99, < 4.0)

PATH
  remote: modules/auth_plugins
  specs:
    openproject-auth_plugins (1.0.0)
      omniauth (~> 1.0)

PATH
  remote: modules/auth_saml
  specs:
    openproject-auth_saml (1.0.0)
      omniauth-saml (~> 1.10.1)

PATH
  remote: modules/avatars
  specs:
    openproject-avatars (1.0.0)
      fastimage (~> 2.1.0)
      gravatar_image_tag (~> 1.2.0)

PATH
  remote: modules/backlogs
  specs:
    openproject-backlogs (1.0.0)
      acts_as_list (~> 0.9.18)
      openproject-pdf_export

PATH
  remote: modules/bcf
  specs:
    openproject-bcf (1.0.0)
      activerecord-import
      rubyzip (~> 1.2)

PATH
  remote: modules/bim_seeder
  specs:
    openproject-bim_seeder (1.0.0)
      openproject-bcf

PATH
  remote: modules/boards
  specs:
    openproject-boards (1.0.0)

PATH
  remote: modules/costs
  specs:
    openproject-costs (1.0.0)

PATH
  remote: modules/dashboards
  specs:
    dashboards (1.0.0)
      grids

PATH
  remote: modules/documents
  specs:
    openproject-documents (1.0.0)

PATH
  remote: modules/github_integration
  specs:
    openproject-github_integration (1.0.0)
      openproject-webhooks

PATH
  remote: modules/global_roles
  specs:
    openproject-global_roles (1.0.0)

PATH
  remote: modules/grids
  specs:
    grids (1.0.0)

PATH
  remote: modules/ldap_groups
  specs:
    openproject-ldap_groups (1.0.0)

PATH
  remote: modules/meeting
  specs:
    openproject-meeting (1.0.0)
      icalendar (~> 2.5.0)

PATH
  remote: modules/my_page
  specs:
    my_page (1.0.0)
      grids

PATH
  remote: modules/openid_connect
  specs:
    openproject-openid_connect (1.0.0)
      lobby_boy (~> 0.1.3)
      omniauth-openid_connect-providers (~> 0.1)
      openproject-auth_plugins

PATH
  remote: modules/overviews
  specs:
    overviews (1.0.0)
      grids

PATH
  remote: modules/pdf_export
  specs:
    openproject-pdf_export (1.0.0)
      pdf-inspector (~> 1.3.0)
      prawn (~> 2.2)

PATH
  remote: modules/recaptcha
  specs:
    openproject-recaptcha (1.0.0)
      recaptcha (~> 5.1.0)

PATH
  remote: modules/reporting_engine
  specs:
    reporting_engine (1.0.0)
      json

PATH
  remote: modules/reporting
  specs:
    openproject-reporting (1.0.0)
      jquery-tablesorter (~> 1.27.0)
      openproject-costs
      reporting_engine

PATH
  remote: modules/two_factor_authentication
  specs:
    openproject-two_factor_authentication (1.0.0)
      aws-sdk-sns (~> 1.1.0)
      messagebird-rest (~> 1.3.2)
      rotp (~> 3.3)

PATH
  remote: modules/webhooks
  specs:
    openproject-webhooks (1.0.0)

PATH
  remote: modules/xls_export
  specs:
    openproject-xls_export (1.0.0)
      spreadsheet (~> 0.8.9)

GEM
  remote: https://rubygems.org/
  specs:
    Ascii85 (1.0.3)
    actioncable (6.0.0)
      actionpack (= 6.0.0)
      nio4r (~> 2.0)
      websocket-driver (>= 0.6.1)
    actionmailbox (6.0.0)
      actionpack (= 6.0.0)
      activejob (= 6.0.0)
      activerecord (= 6.0.0)
      activestorage (= 6.0.0)
      activesupport (= 6.0.0)
      mail (>= 2.7.1)
    actionmailer (6.0.0)
      actionpack (= 6.0.0)
      actionview (= 6.0.0)
      activejob (= 6.0.0)
      mail (~> 2.5, >= 2.5.4)
      rails-dom-testing (~> 2.0)
    actionpack (6.0.0)
      actionview (= 6.0.0)
      activesupport (= 6.0.0)
      rack (~> 2.0)
      rack-test (>= 0.6.3)
      rails-dom-testing (~> 2.0)
      rails-html-sanitizer (~> 1.0, >= 1.2.0)
    actionpack-xml_parser (2.0.1)
      actionpack (>= 5.0)
      railties (>= 5.0)
    actiontext (6.0.0)
      actionpack (= 6.0.0)
      activerecord (= 6.0.0)
      activestorage (= 6.0.0)
      activesupport (= 6.0.0)
      nokogiri (>= 1.8.5)
    actionview (6.0.0)
      activesupport (= 6.0.0)
      builder (~> 3.1)
      erubi (~> 1.4)
      rails-dom-testing (~> 2.0)
      rails-html-sanitizer (~> 1.1, >= 1.2.0)
    activejob (6.0.0)
      activesupport (= 6.0.0)
      globalid (>= 0.3.6)
    activemodel (6.0.0)
      activesupport (= 6.0.0)
    activemodel-serializers-xml (1.0.2)
      activemodel (> 5.x)
      activesupport (> 5.x)
      builder (~> 3.1)
    activerecord (6.0.0)
      activemodel (= 6.0.0)
      activesupport (= 6.0.0)
    activerecord-import (1.0.2)
      activerecord (>= 3.2)
    activerecord-nulldb-adapter (0.4.0)
      activerecord (>= 2.0.0)
    activerecord-session_store (1.1.1)
      actionpack (>= 4.0)
      activerecord (>= 4.0)
      multi_json (~> 1.11, >= 1.11.2)
      rack (>= 1.5.2, < 3)
      railties (>= 4.0)
    activestorage (6.0.0)
      actionpack (= 6.0.0)
      activejob (= 6.0.0)
      activerecord (= 6.0.0)
      marcel (~> 0.3.1)
    activesupport (6.0.0)
      concurrent-ruby (~> 1.0, >= 1.0.2)
      i18n (>= 0.7, < 2)
      minitest (~> 5.1)
      tzinfo (~> 1.1)
      zeitwerk (~> 2.1, >= 2.1.8)
    acts_as_list (0.9.19)
      activerecord (>= 3.0)
    acts_as_tree (2.9.0)
      activerecord (>= 3.0.0)
    addressable (2.7.0)
      public_suffix (>= 2.0.2, < 5.0)
    aes_key_wrap (1.0.1)
    afm (0.2.2)
    airbrake (9.4.3)
      airbrake-ruby (~> 4.6)
    airbrake-ruby (4.6.0)
      rbtree3 (~> 0.5)
    ast (2.4.0)
    attr_required (1.0.1)
    autoprefixer-rails (9.4.7)
      execjs
    awesome_nested_set (3.2.0)
      activerecord (>= 4.0.0, < 7.0)
    aws-eventstream (1.0.3)
    aws-partitions (1.208.0)
    aws-sdk-core (3.66.0)
      aws-eventstream (~> 1.0, >= 1.0.2)
      aws-partitions (~> 1.0)
      aws-sigv4 (~> 1.1)
      jmespath (~> 1.0)
    aws-sdk-kms (1.24.0)
      aws-sdk-core (~> 3, >= 3.61.1)
      aws-sigv4 (~> 1.1)
    aws-sdk-s3 (1.48.0)
      aws-sdk-core (~> 3, >= 3.61.1)
      aws-sdk-kms (~> 1)
      aws-sigv4 (~> 1.1)
    aws-sdk-sns (1.1.0)
      aws-sdk-core (~> 3)
      aws-sigv4 (~> 1.0)
    aws-sigv4 (1.1.0)
      aws-eventstream (~> 1.0, >= 1.0.2)
    axiom-types (0.1.1)
      descendants_tracker (~> 0.0.4)
      ice_nine (~> 0.11.0)
      thread_safe (~> 0.3, >= 0.3.1)
    backports (3.11.4)
    bcrypt (3.1.13)
    bindata (2.4.4)
    binding_of_caller (0.8.0)
      debug_inspector (>= 0.0.1)
    bootsnap (1.4.5)
      msgpack (~> 1.0)
    bourbon (6.0.0)
      thor (~> 0.19)
    brakeman (4.6.1)
    browser (2.6.1)
    builder (3.2.3)
    byebug (11.0.1)
    capybara (3.29.0)
      addressable
      mini_mime (>= 0.1.3)
      nokogiri (~> 1.8)
      rack (>= 1.6.0)
      rack-test (>= 0.6.3)
      regexp_parser (~> 1.5)
      xpath (~> 3.2)
    capybara-screenshot (1.0.22)
      capybara (>= 1.0, < 4)
      launchy
    carrierwave (1.3.1)
      activemodel (>= 4.0.0)
      activesupport (>= 4.0.0)
      mime-types (>= 1.16)
    cells (4.1.7)
      declarative-builder (< 0.2.0)
      declarative-option (< 0.2.0)
      tilt (>= 1.4, < 3)
      uber (< 0.2.0)
    cells-erb (0.1.0)
      cells (~> 4.0)
      erbse (>= 0.1.1)
    cells-rails (0.0.9)
      actionpack (>= 3.0)
      cells (>= 4.1.6, < 5.0.0)
    childprocess (0.9.0)
      ffi (~> 1.0, >= 1.0.11)
    claide (1.0.3)
    claide-plugins (0.9.2)
      cork
      nap
      open4 (~> 1.3)
    coderay (1.1.2)
    coercible (1.0.0)
      descendants_tracker (~> 0.0.1)
    colored2 (3.1.2)
    commonmarker (0.20.1)
      ruby-enum (~> 0.5)
    concurrent-ruby (1.1.5)
    cork (0.3.0)
      colored2 (~> 3.1)
    crack (0.4.3)
      safe_yaml (~> 1.0.0)
    crass (1.0.4)
    crowdin-api (0.5.0)
      rest-client (~> 2.0)
    cucumber (3.1.2)
      builder (>= 2.1.2)
      cucumber-core (~> 3.2.0)
      cucumber-expressions (~> 6.0.1)
      cucumber-wire (~> 0.0.1)
      diff-lcs (~> 1.3)
      gherkin (~> 5.1.0)
      multi_json (>= 1.7.5, < 2.0)
      multi_test (>= 0.1.2)
    cucumber-core (3.2.1)
      backports (>= 3.8.0)
      cucumber-tag_expressions (~> 1.1.0)
      gherkin (~> 5.0)
    cucumber-expressions (6.0.1)
    cucumber-rails (1.8.0)
      capybara (>= 2.12, < 4)
      cucumber (>= 3.0.2, < 4)
      mime-types (>= 2.0, < 4)
      nokogiri (~> 1.8)
      railties (>= 4.2, < 7)
    cucumber-tag_expressions (1.1.1)
    cucumber-wire (0.0.1)
    daemons (1.3.1)
    dalli (2.7.10)
    danger (6.0.9)
      claide (~> 1.0)
      claide-plugins (>= 0.9.2)
      colored2 (~> 3.1)
      cork (~> 0.1)
      faraday (~> 0.9)
      faraday-http-cache (~> 2.0)
      git (~> 1.5)
      kramdown (~> 2.0)
      kramdown-parser-gfm (~> 1.0)
      no_proxy_fix
      octokit (~> 4.7)
      terminal-table (~> 1)
    danger-brakeman (0.0.1)
      brakeman
      danger-plugin-api (~> 1.0)
    danger-plugin-api (1.0.0)
      danger (> 2.0)
    database_cleaner (1.7.0)
    date_validator (0.9.0)
      activemodel
      activesupport
    debug_inspector (0.0.3)
    deckar01-task_list (2.2.0)
      html-pipeline
    declarative (0.0.10)
    declarative-builder (0.1.0)
      declarative-option (< 0.2.0)
    declarative-option (0.1.0)
    delayed_job (4.1.8)
      activesupport (>= 3.0, < 6.1)
    delayed_job_active_record (4.1.4)
      activerecord (>= 3.0, < 6.1)
      delayed_job (>= 3.0, < 5)
    descendants_tracker (0.0.4)
      thread_safe (~> 0.3, >= 0.3.1)
    diff-lcs (1.3)
    disposable (0.4.4)
      declarative (>= 0.0.9, < 1.0.0)
      declarative-builder (< 0.2.0)
      declarative-option (< 0.2.0)
      representable (>= 2.4.0, <= 3.1.0)
      uber (< 0.2.0)
    domain_name (0.5.20180417)
      unf (>= 0.0.5, < 1.0.0)
    equalizer (0.0.11)
    equivalent-xml (0.6.0)
      nokogiri (>= 1.4.3)
    erbse (0.1.3)
      temple
    erubi (1.8.0)
    escape_utils (1.2.1)
    eventmachine (1.2.7)
    excon (0.62.0)
    execjs (2.7.0)
    factory_bot (4.11.1)
      activesupport (>= 3.0.0)
    factory_bot_rails (4.11.1)
      factory_bot (~> 4.11.1)
      railties (>= 3.0.0)
    faker (1.9.1)
      i18n (>= 0.7)
    faraday (0.15.4)
      multipart-post (>= 1.2, < 3)
    faraday-http-cache (2.0.0)
      faraday (~> 0.8)
    fastimage (2.1.5)
    ffi (1.10.0)
    flamegraph (0.9.5)
    fog-aws (3.3.0)
      fog-core (~> 2.1)
      fog-json (~> 1.1)
      fog-xml (~> 0.1)
      ipaddress (~> 0.8)
    fog-core (2.1.2)
      builder
      excon (~> 0.58)
      formatador (~> 0.2)
      mime-types
    fog-json (1.2.0)
      fog-core
      multi_json (~> 1.10)
    fog-xml (0.1.3)
      fog-core
      nokogiri (>= 1.5.11, < 2.0.0)
    formatador (0.2.5)
    fuubar (2.3.2)
      rspec-core (~> 3.0)
      ruby-progressbar (~> 1.4)
    get_process_mem (0.2.3)
    gherkin (5.1.0)
    git (1.5.0)
    globalid (0.4.2)
      activesupport (>= 4.2.0)
    gon (6.2.1)
      actionpack (>= 3.0)
      multi_json
      request_store (>= 1.0)
    grape (1.2.4)
      activesupport
      builder
      mustermann-grape (~> 1.0.0)
      rack (>= 1.3.0)
      rack-accept
      virtus (>= 1.0.0)
    gravatar_image_tag (1.2.0)
    hashdiff (1.0.0)
    hashery (2.1.2)
    hashie (3.6.0)
    html-pipeline (2.12.0)
      activesupport (>= 2)
      nokogiri (>= 1.4)
    htmldiff (0.0.1)
    http-cookie (1.0.3)
      domain_name (~> 0.5)
    httpclient (2.8.3)
    i18n (1.6.0)
      concurrent-ruby (~> 1.0)
    i18n-js (3.2.1)
      i18n (>= 0.6.6)
    icalendar (2.5.3)
      ice_cube (~> 0.16)
    ice_cube (0.16.3)
    ice_nine (0.11.2)
    interception (0.5)
    ipaddress (0.8.3)
    iso8601 (0.12.1)
    jaro_winkler (1.5.3)
    jmespath (1.4.0)
    jquery-tablesorter (1.27.0)
      railties (~> 6.0.0, >= 3.2)
    json (2.2.0)
    json-jwt (1.10.0)
      activesupport (>= 4.2)
      aes_key_wrap
      bindata
    json_spec (1.1.5)
      multi_json (~> 1.0)
      rspec (>= 2.0, < 4.0)
    kgio (2.11.2)
    kramdown (2.1.0)
    kramdown-parser-gfm (1.1.0)
      kramdown (~> 2.0)
    ladle (1.0.1)
      open4 (~> 1.0)
    launchy (2.4.3)
      addressable (~> 2.3)
    letter_opener (1.7.0)
      launchy (~> 2.2)
    livingstyleguide (2.1.0)
      minisyntax (>= 0.2.5)
      redcarpet
      sassc
      thor
      tilt
    lobby_boy (0.1.3)
      omniauth (~> 1.1)
      omniauth-openid-connect (>= 0.2.1)
      rails (>= 3.2.21)
    lograge (0.10.0)
      actionpack (>= 4)
      activesupport (>= 4)
      railties (>= 4)
      request_store (~> 1.0)
    loofah (2.2.3)
      crass (~> 1.0.2)
      nokogiri (>= 1.5.9)
    mail (2.7.1)
      mini_mime (>= 0.1.1)
    marcel (0.3.3)
      mimemagic (~> 0.3.2)
    messagebird-rest (1.3.3)
    meta-tags (2.11.1)
      actionpack (>= 3.2.0, < 6.1)
    method_source (0.9.2)
    mime-types (3.2.2)
      mime-types-data (~> 3.2015)
    mime-types-data (3.2018.0812)
    mimemagic (0.3.3)
    mini_mime (1.0.2)
    mini_portile2 (2.4.0)
    minisyntax (0.2.5)
    minitest (5.11.3)
    mixlib-shellout (2.1.0)
    msgpack (1.3.1)
    multi_json (1.13.1)
    multi_test (0.1.2)
    multipart-post (2.1.1)
    mustermann (1.0.3)
    mustermann-grape (1.0.0)
      mustermann (~> 1.0.0)
    nap (1.1.0)
    net-ldap (0.16.1)
    netrc (0.11.0)
    newrelic_rpm (6.6.0.358)
    nio4r (2.5.1)
    no_proxy_fix (0.1.2)
    nokogiri (1.10.4)
      mini_portile2 (~> 2.4.0)
    nokogumbo (2.0.1)
      nokogiri (~> 1.8, >= 1.8.4)
    octokit (4.14.0)
      sawyer (~> 0.8.0, >= 0.5.3)
    oj (3.9.1)
    okcomputer (1.17.4)
    omniauth-saml (1.10.1)
      omniauth (~> 1.3, >= 1.3.2)
      ruby-saml (~> 1.7)
    open4 (1.3.4)
    openid_connect (1.1.6)
      activemodel
      attr_required (>= 1.0.0)
      json-jwt (>= 1.5.0)
      rack-oauth2 (>= 1.6.1)
      swd (>= 1.0.0)
      tzinfo
      validate_email
      validate_url
      webfinger (>= 1.0.1)
    openproject-token (1.0.2)
    parallel (1.17.0)
    parallel_tests (2.29.2)
      parallel
    parser (2.6.4.0)
      ast (~> 2.4.0)
    passenger (6.0.2)
      rack
      rake (>= 0.8.1)
    pdf-core (0.7.0)
    pdf-inspector (1.3.0)
      pdf-reader (>= 1.0, < 3.0.a)
    pdf-reader (2.2.0)
      Ascii85 (~> 1.0.0)
      afm (~> 0.2.1)
      hashery (~> 2.0)
      ruby-rc4
      ttfunk
    pg (1.1.4)
    plaintext (0.3.2)
      activesupport (> 2.2.1)
      nokogiri (~> 1.10, >= 1.10.4)
      rubyzip (~> 1.2.1)
    posix-spawn (0.3.13)
    prawn (2.2.2)
      pdf-core (~> 0.7.0)
      ttfunk (~> 1.5)
    prawn-table (0.2.2)
      prawn (>= 1.3.0, < 3.0.0)
    pry (0.12.2)
      coderay (~> 1.1.0)
      method_source (~> 0.9.0)
    pry-byebug (3.7.0)
      byebug (~> 11.0)
      pry (~> 0.10)
    pry-rails (0.3.9)
      pry (>= 0.10.4)
    pry-rescue (1.5.0)
      interception (>= 0.5)
      pry (>= 0.12.0)
    pry-stack_explorer (0.4.9.3)
      binding_of_caller (>= 0.7)
      pry (>= 0.9.11)
    public_suffix (4.0.1)
    puma (4.1.0)
      nio4r (~> 2.0)
    rack (2.0.7)
    rack-accept (0.4.5)
      rack (>= 0.4)
    rack-attack (6.1.0)
      rack (>= 1.0, < 3)
    rack-mini-profiler (1.0.1)
      rack (>= 1.2.0)
    rack-oauth2 (1.9.3)
      activesupport
      attr_required
      httpclient
      json-jwt (>= 1.9.0)
      rack
    rack-protection (2.0.7)
      rack
    rack-test (1.1.0)
      rack (>= 1.0, < 3)
    rack_session_access (0.2.0)
      builder (>= 2.0.0)
      rack (>= 1.0.0)
    rails (6.0.0)
      actioncable (= 6.0.0)
      actionmailbox (= 6.0.0)
      actionmailer (= 6.0.0)
      actionpack (= 6.0.0)
      actiontext (= 6.0.0)
      actionview (= 6.0.0)
      activejob (= 6.0.0)
      activemodel (= 6.0.0)
      activerecord (= 6.0.0)
      activestorage (= 6.0.0)
      activesupport (= 6.0.0)
      bundler (>= 1.3.0)
      railties (= 6.0.0)
      sprockets-rails (>= 2.0.0)
    rails-controller-testing (1.0.4)
      actionpack (>= 5.0.1.x)
      actionview (>= 5.0.1.x)
      activesupport (>= 5.0.1.x)
    rails-dom-testing (2.0.3)
      activesupport (>= 4.2.0)
      nokogiri (>= 1.6)
    rails-html-sanitizer (1.2.0)
      loofah (~> 2.2, >= 2.2.2)
    rails_12factor (0.0.3)
      rails_serve_static_assets
      rails_stdout_logging
    rails_serve_static_assets (0.0.5)
    rails_stdout_logging (0.0.5)
    railties (6.0.0)
      actionpack (= 6.0.0)
      activesupport (= 6.0.0)
      method_source
      rake (>= 0.8.7)
      thor (>= 0.20.3, < 2.0)
    rainbow (3.0.0)
    raindrops (0.19.0)
    rake (12.3.3)
    rbtree3 (0.5.0)
    rdoc (6.1.1)
    recaptcha (5.1.0)
      json
    redcarpet (3.4.0)
    reform (2.2.4)
      disposable (>= 0.4.1)
      representable (>= 2.4.0, < 3.1.0)
    reform-rails (0.1.7)
      activemodel (>= 3.2)
      reform (>= 2.2.0)
    regexp_parser (1.6.0)
    representable (3.0.4)
      declarative (< 0.1.0)
      declarative-option (< 0.2.0)
      uber (< 0.2.0)
    request_store (1.4.1)
      rack (>= 1.4)
    responders (3.0.0)
      actionpack (>= 5.0)
      railties (>= 5.0)
    rest-client (2.0.2)
      http-cookie (>= 1.0.2, < 2.0)
      mime-types (>= 1.16, < 4.0)
      netrc (~> 0.8)
    retriable (3.1.2)
    rinku (2.0.4)
    roar (1.1.0)
      representable (~> 3.0.0)
    rotp (3.3.1)
    rouge (3.1.1)
    rspec (3.8.0)
      rspec-core (~> 3.8.0)
      rspec-expectations (~> 3.8.0)
      rspec-mocks (~> 3.8.0)
    rspec-core (3.8.0)
      rspec-support (~> 3.8.0)
    rspec-expectations (3.8.2)
      diff-lcs (>= 1.2.0, < 2.0)
      rspec-support (~> 3.8.0)
    rspec-mocks (3.8.0)
      diff-lcs (>= 1.2.0, < 2.0)
      rspec-support (~> 3.8.0)
    rspec-rails (4.0.0.beta2)
      actionpack (>= 4.2)
      activesupport (>= 4.2)
      railties (>= 4.2)
      rspec-core (~> 3.8)
      rspec-expectations (~> 3.8)
      rspec-mocks (~> 3.8)
      rspec-support (~> 3.8)
    rspec-retry (0.6.1)
      rspec-core (> 3.3)
    rspec-support (3.8.0)
    rubocop (0.74.0)
      jaro_winkler (~> 1.5.1)
      parallel (~> 1.10)
      parser (>= 2.6)
      rainbow (>= 2.2.2, < 4.0)
      ruby-progressbar (~> 1.7)
      unicode-display_width (>= 1.4.0, < 1.7)
    ruby-duration (3.2.3)
      activesupport (>= 3.0.0)
      i18n
      iso8601
    ruby-enum (0.7.2)
      i18n
    ruby-ole (1.2.12.2)
    ruby-prof (1.0.0)
    ruby-progressbar (1.10.1)
    ruby-rc4 (0.1.5)
    ruby-saml (1.9.0)
      nokogiri (>= 1.5.10)
    rubytree (1.0.0)
      json (~> 2.1)
      structured_warnings (~> 0.3)
    rubyzip (1.2.2)
    safe_yaml (1.0.5)
    sanitize (5.1.0)
      crass (~> 1.0.2)
      nokogiri (>= 1.8.0)
      nokogumbo (~> 2.0)
    sassc (2.0.1)
      ffi (~> 1.9)
      rake
    sassc-rails (2.1.0)
      railties (>= 4.0.0)
      sassc (>= 2.0)
      sprockets (> 3.0)
      sprockets-rails
      tilt
    sawyer (0.8.2)
      addressable (>= 2.3.5)
      faraday (> 0.8, < 2.0)
    secure_headers (6.1.1)
    selenium-webdriver (3.141.0)
      childprocess (~> 0.5)
      rubyzip (~> 1.2, >= 1.2.2)
    semantic (1.6.1)
    shoulda-context (1.2.2)
    shoulda-matchers (3.1.3)
      activesupport (>= 4.0.0)
    spreadsheet (0.8.9)
      ruby-ole (>= 1.0)
    spring (2.1.0)
    spring-commands-rspec (1.0.4)
      spring (>= 0.9.1)
    sprockets (3.7.2)
      concurrent-ruby (~> 1.0)
      rack (> 1, < 3)
    sprockets-rails (3.2.1)
      actionpack (>= 4.0)
      activesupport (>= 4.0)
      sprockets (>= 3.0.0)
    stackprof (0.2.12)
    stringex (2.8.5)
    structured_warnings (0.4.0)
    svg-graph (2.1.3)
    swd (1.1.2)
      activesupport (>= 3)
      attr_required (>= 0.0.5)
      httpclient (>= 2.4)
    sys-filesystem (1.2.0)
      ffi
    temple (0.8.0)
    terminal-table (1.8.0)
      unicode-display_width (~> 1.1, >= 1.1.1)
    test-prof (0.10.0)
    thin (1.7.2)
      daemons (~> 1.0, >= 1.0.9)
      eventmachine (~> 1.0, >= 1.0.4)
      rack (>= 1, < 3)
    thor (0.20.3)
    thread_safe (0.3.6)
    tilt (2.0.9)
    timecop (0.9.1)
    ttfunk (1.5.0)
    typed_dag (2.0.2)
      rails (>= 5.0.4)
    tzinfo (1.2.5)
      thread_safe (~> 0.1)
    tzinfo-data (1.2018.9)
      tzinfo (>= 1.0.0)
    uber (0.1.0)
    unf (0.1.4)
      unf_ext
    unf_ext (0.0.7.5)
    unicode-display_width (1.6.0)
    unicorn (5.5.1)
      kgio (~> 2.6)
      raindrops (~> 0.7)
    unicorn-worker-killer (0.4.4)
      get_process_mem (~> 0)
      unicorn (>= 4, < 6)
    validate_email (0.1.6)
      activemodel (>= 3.0)
      mail (>= 2.2.5)
    validate_url (1.0.8)
      activemodel (>= 3.0.0)
      public_suffix
    virtus (1.0.5)
      axiom-types (~> 0.1)
      coercible (~> 1.0)
      descendants_tracker (~> 0.0, >= 0.0.3)
      equalizer (~> 0.0, >= 0.0.9)
    warden (1.2.8)
      rack (>= 2.0.6)
    warden-basic_auth (0.2.1)
      warden (~> 1.2)
    webdrivers (4.1.2)
      nokogiri (~> 1.6)
      rubyzip (~> 1.0)
      selenium-webdriver (>= 3.0, < 4.0)
    webfinger (1.1.0)
      activesupport
      httpclient (>= 2.4)
    webmock (3.7.2)
      addressable (>= 2.3.6)
      crack (>= 0.3.2)
      hashdiff (>= 0.4.0, < 2.0.0)
    websocket-driver (0.7.1)
      websocket-extensions (>= 0.1.0)
    websocket-extensions (0.1.4)
    will_paginate (3.1.8)
    xpath (3.2.0)
      nokogiri (~> 1.8)
    zeitwerk (2.1.10)

PLATFORMS
  ruby

DEPENDENCIES
  actionpack-xml_parser (~> 2.0.0)
  activemodel-serializers-xml (~> 1.0.1)
  activerecord-import (~> 1.0.2)
  activerecord-nulldb-adapter (~> 0.4.0)
  activerecord-session_store (~> 1.1.0)
  acts_as_list (~> 0.9.9)
  acts_as_tree (~> 2.9.0)
  addressable (~> 2.7.0)
  airbrake (~> 9.4.3)
  autoprefixer-rails (~> 9.4.5)
  awesome_nested_set (~> 3.2.0)
  aws-sdk-core (~> 3.66.0)
  aws-sdk-s3 (~> 1.48.0)
  bcrypt (~> 3.1.6)
  bootsnap (~> 1.4.5)
  bourbon (~> 6.0.0)
  brakeman (~> 4.6.1)
  browser (~> 2.6.1)
  capybara (~> 3.29.0)
  capybara-screenshot (~> 1.0.17)
  capybara-select2!
  carrierwave (~> 1.3.1)
  cells-erb (~> 0.1.0)
  cells-rails (~> 0.0.9)
  commonmarker (~> 0.20.1)
  cucumber (~> 3.1.0)
  cucumber-rails (~> 1.8.0)
  daemons
  dalli (~> 2.7.10)
  danger (~> 6.0.9)
  danger-brakeman
  dashboards!
  database_cleaner (~> 1.6)
  date_validator (~> 0.9.0)
  deckar01-task_list (= 2.2.0)
  delayed_job_active_record (~> 4.1.4)
  doorkeeper!
  equivalent-xml (~> 0.6)
  escape_utils (~> 1.0)
  factory_bot (~> 4.8)
  factory_bot_rails (~> 4.8)
  faker
  flamegraph
  fog-aws
  friendly_id!
  fuubar (~> 2.3.2)
  gon (~> 6.2.1)
  grape (~> 1.2.3)
  grids!
  html-pipeline (~> 2.12.0)
  htmldiff
  i18n-js (~> 3.2.0)
  json_spec (~> 1.1.4)
  ladle
  launchy (~> 2.4.3)
  letter_opener
  livingstyleguide (~> 2.1.0)
  lograge (~> 0.10.0)
  meta-tags (~> 2.11.0)
  multi_json (~> 1.13.1)
  my_page!
  net-ldap (~> 0.16.0)
  newrelic_rpm
  nokogiri (~> 1.10.4)
  oj (~> 3.9.1)
  okcomputer (~> 1.17.3)
  omniauth!
  omniauth-openid-connect!
  omniauth-openid_connect-providers!
  omniauth-saml (~> 1.10.1)
  openproject-auth_plugins!
  openproject-auth_saml!
  openproject-avatars!
  openproject-backlogs!
  openproject-bcf!
  openproject-bim_seeder!
  openproject-boards!
  openproject-costs!
  openproject-documents!
  openproject-github_integration!
  openproject-global_roles!
  openproject-ldap_groups!
  openproject-meeting!
  openproject-openid_connect!
  openproject-pdf_export!
  openproject-recaptcha!
  openproject-reporting!
  openproject-token (~> 1.0.2)
  openproject-translations!
  openproject-two_factor_authentication!
  openproject-webhooks!
  openproject-xls_export!
  overviews!
  parallel_tests (~> 2.29.2)
  passenger (~> 6.0.1)
  pg (~> 1.1.0)
  plaintext (~> 0.3.2)
  posix-spawn (~> 0.3.13)
  prawn (~> 2.2)
  prawn-table (~> 0.2.2)
  pry-byebug (~> 3.7.0)
  pry-rails (~> 0.3.6)
  pry-rescue (~> 1.5.0)
  pry-stack_explorer (~> 0.4.9.2)
  puma (~> 4.1.0)
  rack-attack (~> 6.1.0)
  rack-mini-profiler
  rack-protection (~> 2.0.0)
  rack-test (~> 1.1.0)
  rack_session_access
  rails (~> 6.0.0)
  rails-controller-testing (~> 1.0.2)
  rails_12factor
  rdoc (>= 2.4.2)
  reform (~> 2.2.0)
  reform-rails (~> 0.1.7)
  reporting_engine!
  request_store (~> 1.4.1)
  responders (~> 3.0)
  rest-client (~> 2.0)
  retriable (~> 3.1.1)
  rinku (~> 2.0.4)
  roar (~> 1.1.0)
  rouge (~> 3.1.1)
  rspec (~> 3.8.0)
  rspec-activemodel-mocks (~> 1.1.0)!
  rspec-example_disabler!
  rspec-rails (~> 4.0.0beta2)
  rspec-retry (~> 0.6.1)
  rubocop
  ruby-duration (~> 3.2.0)
  ruby-prof
  ruby-progressbar (~> 1.10.0)
  rubytree (~> 1.0.0)
  sanitize (~> 5.1.0)
  sassc-rails (~> 2.1.0)
  secure_headers (~> 6.1.1)
  selenium-webdriver (~> 3.14)
  semantic (~> 1.6.1)
  shoulda-context (~> 1.2)
  shoulda-matchers (~> 3.1)
  spring
  spring-commands-rspec
  sprockets (~> 3.7.0)
  stackprof
  stringex (~> 2.8.5)
  svg-graph (~> 2.1.0)
  sys-filesystem (~> 1.2.0)
  test-prof (~> 0.10.0)
  thin (~> 1.7.2)
  timecop (~> 0.9.0)
  typed_dag (~> 2.0.2)
  tzinfo-data (~> 1.2018.9)
  unicorn
  unicorn-worker-killer
  warden (~> 1.2)
  warden-basic_auth (~> 0.2.1)
  webdrivers (~> 4.1.2)
  webmock (~> 3.7.2)
  will_paginate (~> 3.1.7)

RUBY VERSION
   ruby 2.6.1p33

BUNDLED WITH
   2.0.2
